GIT
  remote: https://github.com/NoSoft-SA/crossbeams-dataminer.git
  revision: 9faad3957e198fa9b330820b2e4de3b159a93991
  specs:
    crossbeams-dataminer (0.2.0)
      pg_query (= 1.1.0)

GIT
  remote: https://github.com/NoSoft-SA/crossbeams-label_designer.git
  revision: e5ebbc158bf11e5c69b5202fd1fb00693ef19da6
  specs:
    crossbeams-label_designer (0.2.3)
      dry-configurable
      erubi
      json

GIT
  remote: https://github.com/NoSoft-SA/crossbeams-layout.git
  revision: 1bf39f5c5f5520ba26343befbb657a0ac388c584
  specs:
    crossbeams-layout (0.4.5)
      diffy
      rouge

GIT
  remote: https://github.com/NoSoft-SA/crossbeams-menu_migrations.git
  revision: b12276340f241e4732bb1c46c87a1b905efa300b
  specs:
    crossbeams-menu_migrations (0.1.2)

GIT
  remote: https://github.com/NoSoft-SA/roda-data_grid.git
  revision: 69650af65c87901f6e7642082317eff8722bea7d
  specs:
    roda-data_grid (0.5.1)
      caxlsx
      crossbeams-dataminer
      crossbeams-layout
      roda

GEM
  remote: https://rubygems.org/
  specs:
    airbrussh (1.4.0)
      sshkit (>= 1.6.1, != 1.7.0)
    asciidoctor (2.0.10)
    ast (2.4.1)
    awesome_print (1.8.0)
    bcrypt (3.1.16)
    byebug (11.1.3)
    capistrano (3.14.1)
      airbrussh (>= 1.0.0)
      i18n
      rake (>= 10.0.0)
      sshkit (>= 1.9.0)
    capistrano-bundler (2.0.1)
      capistrano (~> 3.1)
    capistrano-chruby (0.1.2)
      capistrano (~> 3.0)
      sshkit (~> 1.3)
    capistrano-passenger (0.2.0)
      capistrano (~> 3.0)
    caxlsx (3.0.2)
      htmlentities (~> 4.3, >= 4.3.4)
      mimemagic (~> 0.3)
      nokogiri (~> 1.10, >= 1.10.4)
      rubyzip (>= 1.3.0, < 3)
    clipboard (1.3.5)
    coderay (1.1.3)
    concurrent-ruby (1.1.7)
    daemons (1.3.1)
    diffy (3.4.0)
    dotenv (2.7.6)
    dry-configurable (0.11.6)
      concurrent-ruby (~> 1.0)
      dry-core (~> 0.4, >= 0.4.7)
      dry-equalizer (~> 0.2)
    dry-container (0.7.2)
      concurrent-ruby (~> 1.0)
      dry-configurable (~> 0.1, >= 0.1.3)
    dry-core (0.4.9)
      concurrent-ruby (~> 1.0)
    dry-equalizer (0.3.0)
    dry-inflector (0.2.0)
    dry-initializer (3.0.4)
    dry-logic (1.0.8)
      concurrent-ruby (~> 1.0)
      dry-core (~> 0.2)
      dry-equalizer (~> 0.2)
    dry-schema (1.5.5)
      concurrent-ruby (~> 1.0)
      dry-configurable (~> 0.8, >= 0.8.3)
      dry-core (~> 0.4)
      dry-equalizer (~> 0.2)
      dry-initializer (~> 3.0)
      dry-logic (~> 1.0)
      dry-types (~> 1.4)
    dry-struct (1.3.0)
      dry-core (~> 0.4, >= 0.4.4)
      dry-equalizer (~> 0.3)
      dry-types (~> 1.3)
      ice_nine (~> 0.11)
    dry-types (1.4.0)
      concurrent-ruby (~> 1.0)
      dry-container (~> 0.3)
      dry-core (~> 0.4, >= 0.4.4)
      dry-equalizer (~> 0.3)
      dry-inflector (~> 0.1, >= 0.1.2)
      dry-logic (~> 1.0, >= 1.0.2)
    dry-validation (1.5.6)
      concurrent-ruby (~> 1.0)
      dry-container (~> 0.7, >= 0.7.1)
      dry-core (~> 0.4)
      dry-equalizer (~> 0.2)
      dry-initializer (~> 3.0)
      dry-schema (~> 1.5, >= 1.5.2)
    erubi (1.9.0)
    eventmachine (1.2.7)
    faker (2.14.0)
      i18n (>= 1.6, < 2)
    ffi (1.13.1)
    finite_machine (0.14.0)
      concurrent-ruby (~> 1.0)
      sync (~> 0.5)
    htmlentities (4.3.4)
    i18n (1.8.5)
      concurrent-ruby (~> 1.0)
    ice_nine (0.11.2)
    jaro_winkler (1.5.4)
    json (2.3.1)
    listen (3.2.1)
      rb-fsevent (~> 0.10, >= 0.10.3)
      rb-inotify (~> 0.9, >= 0.9.10)
    mail (2.7.1)
      mini_mime (>= 0.1.1)
    message_bus (3.3.4)
      rack (>= 1.1.3)
    method_source (1.0.0)
    mimemagic (0.3.5)
    mini_mime (1.0.2)
    mini_portile2 (2.4.0)
    minitest (5.14.2)
    minitest-hooks (1.4.2)
    minitest-rg (5.2.0)
      minitest (~> 5.0)
    minitest-stub-const (0.6)
    minitest-stub_any_instance (1.0.2)
    mocha (1.11.2)
    net-ping (2.0.8)
    net-scp (3.0.0)
      net-ssh (>= 2.6.5, < 7.0.0)
    net-ssh (6.1.0)
    nokogiri (1.10.10)
      mini_portile2 (~> 2.4.0)
    parallel (1.19.2)
    parser (2.7.2.0)
      ast (~> 2.4.1)
    pg (1.2.3)
    pg_query (1.1.0)
    pry (0.13.1)
      coderay (~> 1.1)
      method_source (~> 1.0)
    pry-byebug (3.9.0)
      byebug (~> 11.0)
      pry (~> 0.13.0)
    pry-clipboard (0.1.1)
      clipboard
      pry
    pry-doc (1.1.0)
      pry (~> 0.11)
      yard (~> 0.9.11)
    que (1.0.0.beta3)
    rack (2.2.3)
    rack-console (1.3.1)
      rack (>= 1.1)
      rack-test
    rack-test (1.1.0)
      rack (>= 1.0, < 3)
    rack_csrf (2.6.0)
      rack (>= 1.1.0)
    rainbow (3.0.0)
    rake (13.0.1)
    rb-fsevent (0.10.4)
    rb-inotify (0.10.1)
      ffi (~> 1.0)
    rerun (0.13.0)
      listen (~> 3.0)
    rexml (3.2.4)
    roda (3.36.0)
      rack
    roda-message_bus (1.0.0)
      message_bus (>= 2.0.0)
      roda (>= 2.0.0)
    roda-symbolized_params (0.0.2)
    rodauth (2.4.0)
      roda (>= 2.6.0)
      sequel (>= 4)
    rouge (3.24.0)
    rubocop (0.82.0)
      jaro_winkler (~> 1.5.1)
      parallel (~> 1.10)
      parser (>= 2.7.0.1)
      rainbow (>= 2.2.2, < 4.0)
      rexml
      ruby-progressbar (~> 1.7)
      unicode-display_width (>= 1.4.0, < 2.0)
    ruby-progressbar (1.10.1)
    rubyzip (2.3.0)
    sassc (2.4.0)
      ffi (~> 1.9)
    sequel (5.37.0)
    sequel_pg (1.14.0)
      pg (>= 0.18.0, != 1.2.0)
      sequel (>= 4.38.0)
    sequel_postgresql_triggers (1.5.0)
      sequel
    sshkit (1.21.0)
      net-scp (>= 1.1.2)
      net-ssh (>= 2.8.0)
    sync (0.5.0)
    thin (1.7.2)
      daemons (~> 1.0, >= 1.0.9)
      eventmachine (~> 1.0, >= 1.0.4)
      rack (>= 1, < 3)
    tilt (2.0.10)
    unicode-display_width (1.7.0)
    yard (0.9.25)

PLATFORMS
  ruby

DEPENDENCIES
  asciidoctor
  awesome_print
  bcrypt
  capistrano
  capistrano-bundler
  capistrano-chruby
  capistrano-passenger (>= 0.1.1)
  crossbeams-dataminer!
  crossbeams-label_designer!
  crossbeams-layout!
  crossbeams-menu_migrations!
  dotenv
  dry-inflector
  dry-struct
  dry-types
  dry-validation
  faker
  finite_machine
  mail
  message_bus
  minitest (~> 5.11)
  minitest-hooks (= 1.4.2)
  minitest-rg
  minitest-stub-const
  minitest-stub_any_instance (~> 1.0.1)
  mocha (~> 1.5)
  net-ping
  nokogiri
  pg
  pry
  pry-byebug
  pry-clipboard
  pry-doc
  que (= 1.0.0.beta3)
  rack-console
  rack-test
  rack_csrf
  rake
  rerun
  roda
  roda-data_grid!
  roda-message_bus
  roda-symbolized_params
  rodauth
  rouge
  rubocop (= 0.82.0)
  sassc
  sequel
  sequel_pg
  sequel_postgresql_triggers
  thin
  tilt
  yard

BUNDLED WITH
   2.1.4
